GEM
  remote: http://rubygems.org/
  specs:
    rack (1.4.1)
    sass (3.1.20)

PLATFORMS
  ruby

DEPENDENCIES
  rack
  sass
